GEM
  remote: https://rubygems.org/
  specs:
    addressable (2.8.6)
      public_suffix (>= 2.0.2, < 6.0)
    adsf (1.5.0)
      rack (>= 1.0.0, < 4.0.0)
      rackup (~> 2.1)
    adsf-live (1.5.0)
      adsf (~> 1.3)
      em-websocket (~> 0.5)
      eventmachine (~> 1.2)
      listen (~> 3.0)
      rack-livereload (~> 0.3)
    base64 (0.2.0)
    coderay (1.1.3)
    coffee-script (2.4.1)
      coffee-script-source
      execjs
    coffee-script-source (1.12.2)
    colored (1.2)
    concurrent-ruby (1.3.3)
    cri (2.15.12)
    csv (3.3.0)
    ddmetrics (1.1.0)
    ddplugin (1.0.3)
    diff-lcs (1.5.1)
    dotenv (2.8.1)
    em-websocket (0.5.3)
      eventmachine (>= 0.12.9)
      http_parser.rb (~> 0)
    eventmachine (1.2.7)
    execjs (2.9.1)
    ffi (1.17.0)
    haml (5.2.2)
      temple (>= 0.8.0)
      tilt
    http_parser.rb (0.8.0)
    httparty (0.22.0)
      csv
      mini_mime (>= 1.0.0)
      multi_xml (>= 0.5.2)
    immutable-ruby (0.2.0)
      concurrent-ruby (~> 1.1)
      sorted_set (~> 1.0)
    json_schema (0.21.0)
    listen (3.9.0)
      rb-fsevent (~> 0.10, >= 0.10.3)
      rb-inotify (~> 0.9, >= 0.9.10)
    memo_wise (1.9.0)
    method_source (1.1.0)
    mini_mime (1.1.5)
    mini_portile2 (2.8.7)
    multi_xml (0.6.0)
    nanoc (4.12.21)
      addressable (~> 2.5)
      colored (~> 1.2)
      nanoc-checking (~> 1.0, >= 1.0.2)
      nanoc-cli (= 4.12.21)
      nanoc-core (= 4.12.21)
      nanoc-deploying (~> 1.0)
      parallel (~> 1.12)
      tty-command (~> 0.8)
      tty-which (~> 0.4)
    nanoc-checking (1.0.5)
      nanoc-cli (~> 4.12, >= 4.12.5)
      nanoc-core (~> 4.12, >= 4.12.5)
    nanoc-cli (4.12.21)
      cri (~> 2.15)
      diff-lcs (~> 1.3)
      nanoc-core (= 4.12.21)
      pry
      zeitwerk (~> 2.1)
    nanoc-core (4.12.21)
      base64 (~> 0.2)
      concurrent-ruby (~> 1.1)
      ddmetrics (~> 1.0)
      ddplugin (~> 1.0)
      immutable-ruby (~> 0.1)
      json_schema (~> 0.19)
      memo_wise (~> 1.5)
      psych (>= 4.0, < 6.0)
      slow_enumerator_tools (~> 1.0)
      tty-platform (~> 0.2)
      zeitwerk (~> 2.1)
    nanoc-deploying (1.0.2)
      nanoc-checking (~> 1.0)
      nanoc-cli (~> 4.11, >= 4.11.15)
      nanoc-core (~> 4.11, >= 4.11.15)
    nanoc-live (1.0.0)
      adsf-live (~> 1.4)
      listen (~> 3.0)
      nanoc-cli (~> 4.11, >= 4.11.14)
      nanoc-core (~> 4.11, >= 4.11.14)
    nokogiri (1.15.6)
      mini_portile2 (~> 2.8.2)
      racc (~> 1.4)
    parallel (1.25.1)
    pastel (0.8.0)
      tty-color (~> 0.5)
    pry (0.14.2)
      coderay (~> 1.1)
      method_source (~> 1.0)
    psych (5.1.2)
      stringio
    public_suffix (5.0.5)
    racc (1.8.0)
    rack (3.0.11)
    rack-livereload (0.6.0)
      rack (~> 3.0.8)
    rackup (2.1.0)
      rack (>= 3)
      webrick (~> 1.8)
    rake (13.2.1)
    rb-fsevent (0.11.2)
    rb-inotify (0.11.1)
      ffi (~> 1.0)
    rbtree (0.4.6)
    sass (3.7.4)
      sass-listen (~> 4.0.0)
    sass-listen (4.0.0)
      rb-fsevent (~> 0.9, >= 0.9.4)
      rb-inotify (~> 0.9, >= 0.9.7)
    set (1.0.4)
    slow_enumerator_tools (1.1.0)
    sorted_set (1.0.3)
      rbtree
      set (~> 1.0)
    stringio (3.1.0)
    temple (0.10.3)
    tilt (2.3.0)
    tty-color (0.6.0)
    tty-command (0.10.1)
      pastel (~> 0.8)
    tty-platform (0.3.0)
    tty-which (0.5.0)
    webrick (1.8.1)
    zeitwerk (2.6.15)

PLATFORMS
  ruby

DEPENDENCIES
  adsf
  coffee-script
  dotenv
  haml (~> 5.1)
  httparty
  nanoc
  nanoc-live
  nokogiri
  rake
  sass

BUNDLED WITH
   2.5.11
