GEM
  remote: https://rubygems.org/
  specs:
    adsf (1.2.0)
      rack (>= 1.0.0)
    coderay (1.1.0)
    coffee-script (2.4.1)
      coffee-script-source
      execjs
    coffee-script-source (1.9.1.1)
    colored (1.2)
    cri (2.7.0)
      colored (~> 1.2)
    dotenv (2.1.1)
    execjs (2.5.2)
    ffi (1.9.10)
    formatador (0.2.5)
    guard (2.13.0)
      formatador (>= 0.2.4)
      listen (>= 2.7, <= 4.0)
      lumberjack (~> 1.0)
      nenv (~> 0.1)
      notiffany (~> 0.0)
      pry (>= 0.9.12)
      shellany (~> 0.0)
      thor (>= 0.18.1)
    guard-bundler (3.0.0)
      bundler (>= 2.1, < 3)
      guard (~> 2.2)
      guard-compat (~> 1.1)
    guard-compat (1.2.1)
    guard-nanoc (1.0.3)
      guard (~> 2.8)
      nanoc (~> 3.6)
    guard-process (1.2.1)
      guard-compat (~> 1.2, >= 1.2.1)
      spoon (~> 0.0.1)
    haml (4.0.7)
      tilt
    httparty (0.14.0)
      multi_xml (>= 0.5.2)
    jsmin (1.0.1)
    libv8 (3.16.14.17-x86_64-darwin-16)
    listen (3.0.3)
      rb-fsevent (>= 0.9.3)
      rb-inotify (>= 0.9)
    lumberjack (1.0.9)
    method_source (0.8.2)
    mini_portile2 (2.4.0)
    multi_xml (0.6.0)
    nanoc (3.8.0)
      cri (~> 2.3)
    nanoc-toolbox (0.2.1)
      jsmin (~> 1.0)
      nanoc (~> 3.7)
      nokogiri (~> 1.6)
    nenv (0.2.0)
    nokogiri (1.10.7)
      mini_portile2 (~> 2.4.0)
    notiffany (0.0.7)
      nenv (~> 0.1)
      shellany (~> 0.0)
    pry (0.10.1)
      coderay (~> 1.1.0)
      method_source (~> 0.8.1)
      slop (~> 3.4)
    rack (1.6.4)
    rake (11.3.0)
    rb-fsevent (0.9.5)
    rb-inotify (0.9.5)
      ffi (>= 0.5.0)
    ref (2.0.0)
    sass (3.4.16)
    shellany (0.0.1)
    slop (3.6.0)
    spoon (0.0.4)
      ffi
    therubyracer (0.12.3)
      libv8 (~> 3.16.14.15)
      ref
    thor (0.19.1)
    tilt (2.0.1)

PLATFORMS
  ruby

DEPENDENCIES
  adsf
  coffee-script
  dotenv
  guard-bundler
  guard-nanoc
  guard-process
  haml
  httparty
  nanoc
  nanoc-toolbox
  rake
  sass
  therubyracer

BUNDLED WITH
   2.1.4
